ObjectType = Image
NDims = 3
BinaryData = True
BinaryDataByteOrderMSB = False
CompressedData = False
TransformMatrix = 1 0 0 0 1 0 0 0 1
Offset = 0 0 0
CenterOfRotation = 0 0 0
AnatomicalOrientation = RAI
ElementSpacing = 0.18815431515639 0.18815431515639 0.18815431515639
DimSize = 319 283 464
ElementType = MET_UCHAR
ElementDataFile = thyroid.raw
